GEM
  remote: https://rubygems.org/
  specs:
    kramdown (1.17.0)

PLATFORMS
  ruby

DEPENDENCIES
  kramdown (~> 1.11, >= 1.11.1)

BUNDLED WITH
   1.16.1
